GEM
  remote: https://rubygems.org/
  specs:
    pg (1.5.4)

PLATFORMS
  x86_64-darwin-22

DEPENDENCIES
  pg

BUNDLED WITH
   2.4.7
